GEM
  remote: http://rubygems.org/
  specs:
    abstract (1.0.0)
    actionmailer (3.0.0.beta4)
      actionpack (= 3.0.0.beta4)
      mail (~> 2.2.3)
    actionpack (3.0.0.beta4)
      activemodel (= 3.0.0.beta4)
      activesupport (= 3.0.0.beta4)
      builder (~> 2.1.2)
      erubis (~> 2.6.5)
      i18n (~> 0.4.1)
      rack (~> 1.1.0)
      rack-mount (~> 0.6.3)
      rack-test (~> 0.5.4)
      tzinfo (~> 0.3.16)
    activemodel (3.0.0.beta4)
      activesupport (= 3.0.0.beta4)
      builder (~> 2.1.2)
      i18n (~> 0.4.1)
    activerecord (3.0.0.beta4)
      activemodel (= 3.0.0.beta4)
      activesupport (= 3.0.0.beta4)
      arel (~> 0.4.0)
      tzinfo (~> 0.3.16)
    activeresource (3.0.0.beta4)
      activemodel (= 3.0.0.beta4)
      activesupport (= 3.0.0.beta4)
    activesupport (3.0.0.beta4)
    agnostic-will_paginate (3.0.0)
    arel (0.4.0)
      activesupport (>= 3.0.0.beta)
    builder (2.1.2)
    capybara (0.3.9)
      culerity (>= 0.2.4)
      mime-types (>= 1.16)
      nokogiri (>= 1.3.3)
      rack (>= 1.0.0)
      rack-test (>= 0.5.4)
      selenium-webdriver (>= 0.0.3)
    configuration (1.1.0)
    cucumber (0.8.3)
      builder (~> 2.1.2)
      diff-lcs (~> 1.1.2)
      gherkin (~> 2.0.2)
      json_pure (~> 1.4.3)
      term-ansicolor (~> 1.0.4)
    cucumber-rails (0.3.2)
      cucumber (>= 0.8.0)
    culerity (0.2.10)
    database_cleaner (0.5.2)
    diff-lcs (1.1.2)
    erubis (2.6.5)
      abstract (>= 1.0.0)
    factory_girl (1.3.0)
    ffi (0.6.3)
      rake (>= 0.8.7)
    friendly_id (3.0.6)
      activerecord (>= 2.2)
      activesupport (>= 2.2)
    gherkin (2.0.2)
      trollop (~> 1.16.2)
    haml (3.0.12)
    i18n (0.4.1)
    json_pure (1.4.3)
    launchy (0.3.5)
      configuration (>= 0.0.5)
      rake (>= 0.8.1)
    mail (2.2.4)
      activesupport (>= 2.3.6)
      mime-types
      treetop (>= 1.4.5)
    mime-types (1.16)
    mysql (2.8.1)
    nokogiri (1.4.2)
    polyglot (0.3.1)
    rack (1.1.0)
    rack-mount (0.6.4)
    rack-test (0.5.4)
      rack (>= 1.0)
    rails (3.0.0.beta4)
      actionmailer (= 3.0.0.beta4)
      actionpack (= 3.0.0.beta4)
      activerecord (= 3.0.0.beta4)
      activeresource (= 3.0.0.beta4)
      activesupport (= 3.0.0.beta4)
      bundler (>= 0.9.26)
      railties (= 3.0.0.beta4)
    railties (3.0.0.beta4)
      actionpack (= 3.0.0.beta4)
      activesupport (= 3.0.0.beta4)
      rake (>= 0.8.3)
      thor (~> 0.13.6)
    rake (0.8.7)
    rspec (2.0.0.beta.16)
      rspec-core (= 2.0.0.beta.16)
      rspec-expectations (= 2.0.0.beta.16)
      rspec-mocks (= 2.0.0.beta.16)
    rspec-core (2.0.0.beta.16)
    rspec-expectations (2.0.0.beta.16)
      diff-lcs (>= 1.1.2)
    rspec-mocks (2.0.0.beta.16)
    rspec-rails (2.0.0.beta.16)
      rspec (>= 2.0.0.beta.14)
      webrat (>= 0.7.0)
    selenium-webdriver (0.0.24)
      ffi (>= 0.6.1)
      json_pure
    shoulda (2.11.1)
    term-ansicolor (1.0.5)
    thor (0.13.6)
    treetop (1.4.8)
      polyglot (>= 0.3.1)
    trollop (1.16.2)
    tzinfo (0.3.22)
    webrat (0.7.1)
      nokogiri (>= 1.2.0)
      rack (>= 1.0)
      rack-test (>= 0.5.3)

PLATFORMS
  ruby

DEPENDENCIES
  agnostic-will_paginate
  capybara
  cucumber
  cucumber-rails
  database_cleaner
  factory_girl
  friendly_id (~> 3.0)
  haml
  launchy
  mysql
  rails (= 3.0.0.beta4)
  rspec
  rspec-rails
  shoulda
